GIT
  remote: https://github.com/valerijaspasojevic/jekyll-compress-images.git
  revision: af7c2e0527371a7b88d11d594cef9538b83230f1
  specs:
    jekyll-compress-images (1.2)
      image_optim
      image_optim_pack

GEM
  remote: https://rubygems.org/
  specs:
    addressable (2.6.0)
      public_suffix (>= 2.0.2, < 4.0)
    colorator (1.1.0)
    concurrent-ruby (1.1.5)
    cssminify2 (2.0.1)
    em-websocket (0.5.1)
      eventmachine (>= 0.12.9)
      http_parser.rb (~> 0.6.0)
    eventmachine (1.2.7)
    execjs (2.7.0)
    exifr (1.3.6)
    ffi (1.11.1)
    forwardable-extended (2.6.0)
    fspath (3.1.2)
    htmlcompressor (0.4.0)
    http_parser.rb (0.6.0)
    i18n (0.9.5)
      concurrent-ruby (~> 1.0)
    image_optim (0.26.5)
      exifr (~> 1.2, >= 1.2.2)
      fspath (~> 3.0)
      image_size (>= 1.5, < 3)
      in_threads (~> 1.3)
      progress (~> 3.0, >= 3.0.1)
    image_optim_pack (0.6.0.20200215)
      fspath (>= 2.1, < 4)
      image_optim (~> 0.19)
    image_size (2.0.2)
    in_threads (1.5.4)
    jekyll (3.8.6)
      addressable (~> 2.4)
      colorator (~> 1.0)
      em-websocket (~> 0.5)
      i18n (~> 0.7)
      jekyll-sass-converter (~> 1.0)
      jekyll-watch (~> 2.0)
      kramdown (~> 1.14)
      liquid (~> 4.0)
      mercenary (~> 0.3.3)
      pathutil (~> 0.9)
      rouge (>= 1.7, < 4)
      safe_yaml (~> 1.0)
    jekyll-analytics (0.1.11)
    jekyll-feed (0.12.1)
      jekyll (>= 3.7, < 5.0)
    jekyll-minifier (0.1.10)
      cssminify2 (~> 2.0)
      htmlcompressor (~> 0.4)
      jekyll (>= 3.5)
      json-minify (~> 0.0.3)
      uglifier (~> 4.1)
    jekyll-paginate (1.1.0)
    jekyll-sass-converter (1.5.2)
      sass (~> 3.4)
    jekyll-seo-tag (2.6.1)
      jekyll (>= 3.3, < 5.0)
    jekyll-watch (2.2.1)
      listen (~> 3.0)
    json (2.3.1)
    json-minify (0.0.3)
      json (> 0)
    kramdown (1.17.0)
    liquid (4.0.3)
    listen (3.1.5)
      rb-fsevent (~> 0.9, >= 0.9.4)
      rb-inotify (~> 0.9, >= 0.9.7)
      ruby_dep (~> 1.2)
    mercenary (0.3.6)
    minima (2.5.0)
      jekyll (~> 3.5)
      jekyll-feed (~> 0.9)
      jekyll-seo-tag (~> 2.1)
    pathutil (0.16.2)
      forwardable-extended (~> 2.6)
    progress (3.5.2)
    public_suffix (3.1.1)
    rb-fsevent (0.10.3)
    rb-inotify (0.10.0)
      ffi (~> 1.0)
    rouge (3.7.0)
    ruby_dep (1.5.0)
    safe_yaml (1.0.5)
    sass (3.7.4)
      sass-listen (~> 4.0.0)
    sass-listen (4.0.0)
      rb-fsevent (~> 0.9, >= 0.9.4)
      rb-inotify (~> 0.9, >= 0.9.7)
    thread_safe (0.3.6)
    tzinfo (1.2.5)
      thread_safe (~> 0.1)
    tzinfo-data (1.2019.2)
      tzinfo (>= 1.0.0)
    uglifier (4.1.20)
      execjs (>= 0.3.0, < 3)
    wdm (0.1.1)

PLATFORMS
  ruby

DEPENDENCIES
  jekyll (~> 3.8.6)
  jekyll-analytics
  jekyll-compress-images!
  jekyll-feed (~> 0.6)
  jekyll-minifier
  jekyll-paginate
  jekyll-seo-tag
  minima (~> 2.0)
  tzinfo (~> 1.2)
  tzinfo-data
  wdm (~> 0.1.0)
